GEM
  remote: https://rubygems.org/
  specs:
    docker-api (1.29.0)
      excon (>= 0.38.0)
      json
    excon (0.51.0)
    json (2.0.1)

PLATFORMS
  ruby

DEPENDENCIES
  docker-api

BUNDLED WITH
   1.12.5
